GIT
  remote: https://github.com/thomas-mcdonald/bootstrap-sass.git
  revision: 6b0ca5025c64f2e5696c8719cfce7148c78d0a50
  specs:
    bootstrap-sass (3.4.1)
      autoprefixer-rails (>= 5.2.1)
      sassc (>= 2.0.0)

GEM
  remote: https://rubygems.org/
  specs:
    activesupport (6.0.6.1)
      concurrent-ruby (~> 1.0, >= 1.0.2)
      i18n (>= 0.7, < 2)
      minitest (~> 5.1)
      tzinfo (~> 1.1)
      zeitwerk (~> 2.2, >= 2.2.2)
    autoprefixer-rails (10.2.5.1)
      execjs (> 0)
    awesome_print (1.0.2)
    chunky_png (1.2.8)
    coderay (1.0.9)
    coffee-script (2.2.0)
      coffee-script-source
      execjs
    coffee-script-source (1.6.2)
    compass (0.12.2)
      chunky_png (~> 1.2)
      fssm (>= 0.2.7)
      sass (~> 3.1)
    concurrent-ruby (1.2.0)
    execjs (1.4.0)
      multi_json (~> 1.0)
    ffi (1.15.5)
    fssm (0.2.10)
    haml (4.0.1)
      tilt
    hike (1.2.1)
    i18n (1.12.0)
      concurrent-ruby (~> 1.0)
    method_source (0.8.1)
    minitest (5.17.0)
    multi_json (1.15.0)
    pry (0.9.12)
      coderay (~> 1.0.5)
      method_source (~> 0.8)
      slop (~> 3.4)
    rack (1.5.2)
    rack-protection (1.5.0)
      rack
    rubyzip (0.9.9)
    sass (3.2.7)
    sassc (2.4.0)
      ffi (~> 1.9)
    sinatra (1.4.2)
      rack (~> 1.5, >= 1.5.2)
      rack-protection (~> 1.4)
      tilt (~> 1.3, >= 1.3.4)
    slop (3.4.4)
    sprockets (2.9.0)
      hike (~> 1.2)
      multi_json (~> 1.0)
      rack (~> 1.0)
      tilt (~> 1.1, != 1.3.0)
    sprockets-sass (0.9.1)
      sprockets (~> 2.0)
      tilt (~> 1.1)
    thread_safe (0.3.6)
    tilt (1.3.6)
    tzinfo (1.2.11)
      thread_safe (~> 0.1)
    zeitwerk (2.6.6)

PLATFORMS
  ruby

DEPENDENCIES
  activesupport
  awesome_print
  bootstrap-sass!
  coffee-script
  compass
  haml
  pry
  rubyzip
  sass
  sinatra
  sprockets
  sprockets-sass
